PATH
  remote: .
  specs:
    guard-rails (0.5.1)
      guard (~> 2.0)

GEM
  remote: http://rubygems.org/
  specs:
    celluloid (0.15.2)
      timers (~> 1.1.0)
    coderay (1.1.0)
    diff-lcs (1.2.5)
    fakefs (0.5.2)
    ffi (1.9.3)
    ffi (1.9.3-java)
    formatador (0.2.5)
    guard (2.6.1)
      formatador (>= 0.2.4)
      listen (~> 2.7)
      lumberjack (~> 1.0)
      pry (>= 0.9.12)
      thor (>= 0.18.1)
    guard-bundler (2.0.0)
      bundler (~> 1.0)
      guard (~> 2.2)
    guard-rspec (4.2.9)
      guard (~> 2.1)
      rspec (>= 2.14, < 4.0)
    libnotify (0.8.3)
      ffi (>= 1.0.11)
    listen (2.7.5)
      celluloid (>= 0.15.2)
      rb-fsevent (>= 0.9.3)
      rb-inotify (>= 0.9)
    lumberjack (1.0.6)
    metaclass (0.0.4)
    method_source (0.8.2)
    mocha (1.1.0)
      metaclass (~> 0.0.1)
    pry (0.9.12.6)
      coderay (~> 1.0)
      method_source (~> 0.8)
      slop (~> 3.4)
    pry (0.9.12.6-java)
      coderay (~> 1.0)
      method_source (~> 0.8)
      slop (~> 3.4)
      spoon (~> 0.0)
    rake (10.3.2)
    rb-fsevent (0.9.4)
    rb-inotify (0.9.4)
      ffi (>= 0.5.0)
    rspec (2.14.1)
      rspec-core (~> 2.14.0)
      rspec-expectations (~> 2.14.0)
      rspec-mocks (~> 2.14.0)
    rspec-core (2.14.8)
    rspec-expectations (2.14.5)
      diff-lcs (>= 1.1.3, < 2.0)
    rspec-mocks (2.14.6)
    slop (3.5.0)
    spoon (0.0.4)
      ffi
    terminal-notifier-guard (1.5.3)
    thor (0.19.1)
    timers (1.1.0)
    version (1.0.0)

PLATFORMS
  java
  ruby

DEPENDENCIES
  fakefs
  guard
  guard-bundler
  guard-rails!
  guard-rspec
  libnotify
  mocha (~> 1.0)
  rake
  rb-fsevent (>= 0.3.9)
  rb-inotify (>= 0.5.1)
  rspec (~> 2.6)
  terminal-notifier-guard
  version (>= 1.0.0)
